PATH
  remote: .
  specs:
    feldtruby (0.3.18)
      bson_ext
      json
      mongo
      nokogiri
      rinruby

GEM
  remote: https://rubygems.org/
  specs:
    bson (1.8.4)
    bson_ext (1.8.4)
      bson (~> 1.8.4)
    json (1.7.7)
    mongo (1.8.4)
      bson (~> 1.8.4)
    nokogiri (1.5.9)
    rinruby (2.0.3)

PLATFORMS
  ruby

DEPENDENCIES
  feldtruby!
