PATH
  remote: .
  specs:
    feldtruby (0.4.14)
      bson_ext
      json
      mongo
      nokogiri
      rinruby

GEM
  remote: https://rubygems.org/
  specs:
    bson (1.9.2)
    bson_ext (1.9.2)
      bson (~> 1.9.2)
    json (1.8.0)
    mini_portile (0.5.1)
    mongo (1.9.2)
      bson (~> 1.9.2)
    nokogiri (1.6.0)
      mini_portile (~> 0.5.0)
    rinruby (2.0.3)

PLATFORMS
  ruby

DEPENDENCIES
  feldtruby!
